GEM
  remote: https://rubygems.org/
  specs:
    addressable (2.3.6)
    coderay (1.1.0)
    faraday (0.9.0)
      multipart-post (>= 1.2, < 3)
    faraday_middleware (0.9.1)
      faraday (>= 0.7.4, < 0.10)
    ffi (1.9.6-java)
    json_roa-client (1.0.0.pre.beta.0)
      addressable (~> 2)
      faraday (~> 0.9)
      faraday_middleware (~> 0.9)
    method_source (0.8.2)
    mime-types (2.4.3)
    multipart-post (2.0.0)
    pry (0.10.1)
      coderay (~> 1.1.0)
      method_source (~> 0.8.1)
      slop (~> 3.4)
    pry (0.10.1-java)
      coderay (~> 1.1.0)
      method_source (~> 0.8.1)
      slop (~> 3.4)
      spoon (~> 0.0)
    slop (3.6.0)
    spoon (0.0.4)
      ffi
    thread (0.1.4)

PLATFORMS
  java
  ruby

DEPENDENCIES
  json_roa-client (= 1.0.0.pre.beta.0)
  mime-types (~> 2.4.3)
  pry
  thread (= 0.1.4)
